PATH
  remote: .
  specs:
    rabbitt-githooks (1.6.2)
      rainbow (>= 2.0.0, < 4.0)
      thor (~> 0.19.1)

GEM
  remote: http://rubygems.org/
  specs:
    ast (2.4.0)
    diff-lcs (1.3)
    docile (1.3.1)
    jaro_winkler (1.5.1)
    jaro_winkler (1.5.1-java)
    jaro_winkler (1.5.1-x86_64-darwin-17)
    json (2.1.0)
    json (2.1.0-java)
    parallel (1.12.1)
    parser (2.5.1.2)
      ast (~> 2.4.0)
    powerpack (0.1.2)
    rainbow (3.0.0)
    rake (10.5.0)
    rspec (2.99.0)
      rspec-core (~> 2.99.0)
      rspec-expectations (~> 2.99.0)
      rspec-mocks (~> 2.99.0)
    rspec-core (2.99.2)
    rspec-expectations (2.99.2)
      diff-lcs (>= 1.1.3, < 2.0)
    rspec-mocks (2.99.4)
    rubocop (0.58.2)
      jaro_winkler (~> 1.5.1)
      parallel (~> 1.10)
      parser (>= 2.5, != 2.5.1.1)
      powerpack (~> 0.1)
      rainbow (>= 2.2.2, < 4.0)
      ruby-progressbar (~> 1.7)
      unicode-display_width (~> 1.0, >= 1.0.1)
    ruby-lint (2.3.1)
      parser (~> 2.2)
      slop (~> 3.4, >= 3.4.7)
    ruby-progressbar (1.9.0)
    simplecov (0.16.1)
      docile (~> 1.1)
      json (>= 1.8, < 3)
      simplecov-html (~> 0.10.0)
    simplecov-html (0.10.2)
    slop (3.6.0)
    thor (0.19.4)
    unicode-display_width (1.4.0)
    yard (0.9.15)

PLATFORMS
  java
  ruby
  x86_64-darwin-17

DEPENDENCIES
  bundler (~> 1.3)
  rabbitt-githooks!
  rake (~> 10.1)
  rspec (~> 2.14)
  rubocop (~> 0.58.2)
  ruby-lint (~> 2.0)
  simplecov (~> 0.9)
  yard (~> 0.9.15)

BUNDLED WITH
   1.16.1
