PATH
  remote: .
  specs:
    rabbitt-githooks (1.1.5)
      colorize (~> 0.5)
      thor (~> 0.18)

GEM
  remote: http://rubygems.org/
  specs:
    ast (1.1.0)
    colorize (0.6.0)
    diff-lcs (1.2.5)
    json (1.8.1)
    json (1.8.1-java)
    parser (2.1.5)
      ast (~> 1.1)
      slop (~> 3.4, >= 3.4.5)
    powerpack (0.0.9)
    rainbow (2.0.0)
    rake (10.1.1)
    rspec (2.14.1)
      rspec-core (~> 2.14.0)
      rspec-expectations (~> 2.14.0)
      rspec-mocks (~> 2.14.0)
    rspec-core (2.14.8)
    rspec-expectations (2.14.5)
      diff-lcs (>= 1.1.3, < 2.0)
    rspec-mocks (2.14.6)
    rubocop (0.18.1)
      json (>= 1.7.7, < 2)
      parser (~> 2.1.3)
      powerpack (~> 0.0.6)
      rainbow (>= 1.99.1, < 3.0)
    slop (3.4.7)
    thor (0.18.1)

PLATFORMS
  java
  ruby

DEPENDENCIES
  bundler (~> 1.3)
  rabbitt-githooks!
  rake (~> 10.1)
  rspec (~> 2.14)
  rubocop (~> 0.18)
