PATH
  remote: .
  specs:
    rabbitt-githooks (1.4.1)
      rainbow (~> 2.0.0)
      thor (~> 0.18)

GEM
  remote: http://rubygems.org/
  specs:
    ast (2.0.0)
    astrolabe (1.3.0)
      parser (>= 2.2.0.pre.3, < 3.0)
    diff-lcs (1.2.5)
    docile (1.1.5)
    multi_json (1.10.1)
    parser (2.2.0.2)
      ast (>= 1.1, < 3.0)
    powerpack (0.1.0)
    rainbow (2.0.0)
    rake (10.4.2)
    rspec (2.99.0)
      rspec-core (~> 2.99.0)
      rspec-expectations (~> 2.99.0)
      rspec-mocks (~> 2.99.0)
    rspec-core (2.99.2)
    rspec-expectations (2.99.2)
      diff-lcs (>= 1.1.3, < 2.0)
    rspec-mocks (2.99.3)
    rubocop (0.29.0)
      astrolabe (~> 1.3)
      parser (>= 2.2.0.1, < 3.0)
      powerpack (~> 0.1)
      rainbow (>= 1.99.1, < 3.0)
      ruby-progressbar (~> 1.4)
    ruby-lint (2.0.3)
      parser (~> 2.1, >= 2.1.1)
      slop (~> 3.4, >= 3.4.7)
    ruby-progressbar (1.7.1)
    simplecov (0.9.1)
      docile (~> 1.1.0)
      multi_json (~> 1.0)
      simplecov-html (~> 0.8.0)
    simplecov-html (0.8.0)
    slop (3.6.0)
    thor (0.19.1)
    yard (0.8.7.6)

PLATFORMS
  java
  ruby

DEPENDENCIES
  bundler (~> 1.3)
  rabbitt-githooks!
  rake (~> 10.1)
  rspec (~> 2.14)
  rubocop (~> 0.18)
  ruby-lint (~> 2.0)
  simplecov (~> 0.9)
  yard (~> 0.7)
